GEM
  remote: https://rubygems.org/
  specs:
    diff-lcs (1.5.0)
    mocha (2.1.0)
      ruby2_keywords (>= 0.0.5)
    rake (13.1.0)
    rspec (3.12.0)
      rspec-core (~> 3.12.0)
      rspec-expectations (~> 3.12.0)
      rspec-mocks (~> 3.12.0)
    rspec-core (3.12.2)
      rspec-support (~> 3.12.0)
    rspec-expectations (3.12.3)
      diff-lcs (>= 1.2.0, < 2.0)
      rspec-support (~> 3.12.0)
    rspec-mocks (3.12.6)
      diff-lcs (>= 1.2.0, < 2.0)
      rspec-support (~> 3.12.0)
    rspec-support (3.12.1)
    ruby2_keywords (0.0.5)

PLATFORMS
  x86_64-darwin-22

DEPENDENCIES
  mocha
  rake
  rspec

RUBY VERSION
   ruby 3.2.1p31

BUNDLED WITH
   2.4.7
